GEM
  remote: https://rubygems.org/
  specs:
    cuba (3.1.0)
      rack
    jruby-jars (1.7.4)
    jruby-rack (1.1.13.2)
    rack (1.5.2)
    rake (10.1.0)
    rubyzip (0.9.9)
    tabula-extractor (0.6.5-java)
      trollop (~> 2.0)
    tilt (1.4.1)
    trollop (2.0)
    warbler (1.3.8)
      jruby-jars (>= 1.5.6)
      jruby-rack (>= 1.0.0)
      rake (>= 0.9.6)
      rubyzip (>= 0.9.8)

PLATFORMS
  java

DEPENDENCIES
  cuba
  rack
  rake
  tabula-extractor (~> 0.6.5)
  tilt
  warbler
